GIT
  remote: https://github.com/HomeBusProjects/ruby-homebus
  revision: 661869af13158790a1cb6aa71357c9c3926c85bb
  branch: main
  specs:
    homebus (0.30.1)
      mqtt (~> 0.5.0)

PATH
  remote: .
  specs:
    homebus-ctrlh-access (0.0.1)

GEM
  remote: https://rubygems.org/
  specs:
    activesupport (7.0.3.1)
      concurrent-ruby (~> 1.0, >= 1.0.2)
      i18n (>= 1.6, < 2)
      minitest (>= 5.1)
      tzinfo (~> 2.0)
    concurrent-ruby (1.1.10)
    dotenv (2.8.1)
    i18n (1.12.0)
      concurrent-ruby (~> 1.0)
    minitest (5.16.2)
    mqtt (0.5.0)
    tzinfo (2.0.5)
      concurrent-ruby (~> 1.0)

PLATFORMS
  ruby

DEPENDENCIES
  activesupport
  dotenv
  homebus (>= 0.30.1)!
  homebus-ctrlh-access!

BUNDLED WITH
   2.3.19
