GIT
  remote: https://github.com/HomeBusProjects/ruby-homebus
  revision: 507710f5b9892f8726eaebc9c7c4d97a8b05f96d
  tag: v0.22.0
  specs:
    homebus (0.22.0)
      mqtt (~> 0.5.0)

GEM
  remote: https://rubygems.org/
  specs:
    cgi (0.3.2)
    dotenv (2.7.6)
    mqtt (0.5.0)

PLATFORMS
  ruby

DEPENDENCIES
  cgi
  dotenv
  homebus!

BUNDLED WITH
   2.3.11
