GIT
  remote: https://github.com/HomeBusProjects/ruby-homebus
  revision: 507710f5b9892f8726eaebc9c7c4d97a8b05f96d
  tag: v0.22.0
  specs:
    homebus (0.22.0)
      mqtt (~> 0.5.0)

GEM
  remote: https://rubygems.org/
  specs:
    activesupport (7.0.3)
      concurrent-ruby (~> 1.0, >= 1.0.2)
      i18n (>= 1.6, < 2)
      minitest (>= 5.1)
      tzinfo (~> 2.0)
    concurrent-ruby (1.1.10)
    dotenv (2.7.6)
    i18n (1.10.0)
      concurrent-ruby (~> 1.0)
    minitest (5.15.0)
    mqtt (0.5.0)
    tzinfo (2.0.4)
      concurrent-ruby (~> 1.0)

PLATFORMS
  ruby

DEPENDENCIES
  activesupport
  dotenv
  homebus!

BUNDLED WITH
   2.3.5
